GEM
  remote: http://rubygems.org/
  specs:
    addressable (2.2.7)
    coderay (1.0.6)
    cookiejar (0.3.0)
    daemons (1.1.8)
    diff-lcs (1.1.3)
    em-http-request (1.0.1)
      addressable (>= 2.2.3)
      cookiejar
      em-socksify
      eventmachine (>= 1.0.0.beta.4)
      http_parser.rb (>= 0.5.3)
    em-proxy (0.1.6)
      eventmachine
    em-socksify (0.1.0)
      eventmachine
    eventmachine (1.0.0.beta.4)
    http_parser.rb (0.5.3)
    method_source (0.7.1)
    pry (0.9.8.4)
      coderay (~> 1.0.5)
      method_source (~> 0.7.1)
      slop (>= 2.4.4, < 3)
    rack (1.4.1)
    rspec (2.9.0)
      rspec-core (~> 2.9.0)
      rspec-expectations (~> 2.9.0)
      rspec-mocks (~> 2.9.0)
    rspec-core (2.9.0)
    rspec-expectations (2.9.1)
      diff-lcs (~> 1.1.3)
    rspec-mocks (2.9.0)
    slop (2.4.4)
    thin (1.3.1)
      daemons (>= 1.0.9)
      eventmachine (>= 0.12.6)
      rack (>= 1.0.0)

PLATFORMS
  ruby

DEPENDENCIES
  em-http-request
  em-proxy
  eventmachine (= 1.0.0.beta.4)
  http_parser.rb
  pry
  rack
  rspec
  thin
